{
	"Manufacturer": "Siemens",
	"ManufacturersModelName": "Prisma_fit",
	"AcquisitionNumber": 1,
	"InstitutionName": "UGent",
	"InstitutionAddress": "De_Pintelaan_185_Gent_District_BE_9000",
	"DeviceSerialNumber": "167045",
	"SoftwareVersions": "syngo_MR_E11",
	"ProcedureStepDescription": "MR_hersenen_(structuur_alleen)_O",
	"ScanningSequence": "GR",
	"SequenceVariant": "SP",
	"SeriesDescription": "localizer",
	"BodyPartExamined": "BRAIN",
	"ProtocolName": "localizer",
	"SequenceName": "_fl2d1",
	"ImageType": ["ORIGINAL", "PRIMARY", "M", "ND", "NORM"],
	"AcquisitionTime": "11:46:56.925000",
	"MagneticFieldStrength": 3,
	"FlipAngle": 40,
	"EchoTime": 0.005,
	"RepetitionTime": 0.02,
	"PhaseEncodingLines": 128,
	"PhaseEncodingDirection": "i-",
	"ConversionSoftware": "dcm2niix",
	"ConversionSoftwareVersion": "v1.0.20170724 (OpenJPEG build) GCC6.1.0"
}
